GEM
  remote: https://rubygems.org/
  specs:
    activemodel (7.0.4.3)
      activesupport (= 7.0.4.3)
    activesupport (7.0.4.3)
      concurrent-ruby (~> 1.0, >= 1.0.2)
      i18n (>= 1.6, < 2)
      minitest (>= 5.1)
      tzinfo (~> 2.0)
    bcrypt (3.1.18)
    concurrent-ruby (1.2.2)
    date (3.3.3)
    em-websocket (0.5.3)
      eventmachine (>= 0.12.9)
      http_parser.rb (~> 0)
    eventmachine (1.2.7)
    http_parser.rb (0.8.0)
    i18n (1.13.0)
      concurrent-ruby (~> 1.0)
    inifile (3.0.0)
    json (2.6.3)
    mail (2.8.1)
      mini_mime (>= 0.1.1)
      net-imap
      net-pop
      net-smtp
    mini_mime (1.1.2)
    minitest (5.18.0)
    mustermann (3.0.0)
      ruby2_keywords (~> 0.0.1)
    net-http (0.3.2)
      uri
    net-imap (0.3.4)
      date
      net-protocol
    net-pop (0.1.2)
      net-protocol
    net-protocol (0.2.1)
      timeout
    net-smtp (0.3.3)
      net-protocol
    openssl (3.1.0)
    password_strength (1.1.4)
      activemodel
    rack (2.2.7)
    rack-protection (3.0.6)
      rack
    ruby2_keywords (0.0.5)
    securerandom (0.2.2)
    sinatra (3.0.6)
      mustermann (~> 3.0)
      rack (~> 2.2, >= 2.2.4)
      rack-protection (= 3.0.6)
      tilt (~> 2.0)
    sqlite3 (1.6.3-x86_64-linux)
    tilt (2.1.0)
    timeout (0.3.2)
    tzinfo (2.0.6)
      concurrent-ruby (~> 1.0)
    uri (0.12.1)
    valid_email2 (4.0.6)
      activemodel (>= 3.2)
      mail (~> 2.5)
    webrick (1.8.1)

PLATFORMS
  x86_64-linux

DEPENDENCIES
  bcrypt (>= 3.1.7)
  em-websocket (>= 0.5.1)
  eventmachine (>= 1.0.0.beta.4.1)
  inifile (>= 3.0.0)
  json (>= 1.8.1)
  net-http (>= 0.1.0)
  openssl (>= 2.0.0)
  password_strength (>= 0.2.0)
  securerandom (>= 0.1.0)
  sinatra (>= 1.4.5)
  sqlite3 (>= 1.3.10)
  uri (>= 0.1.0)
  valid_email2 (>= 1.0.0)
  webrick (>= 1.3.1)

BUNDLED WITH
   2.2.22
